GEM
  remote: https://rubygems.org/
  specs:
    addressable (2.8.4)
      public_suffix (>= 2.0.2, < 6.0)
    amazing_print (1.4.0)
    apetag (1.1.5)
      cicphash (>= 1.0.0)
    cicphash (2.0.0)
    curb (1.0.5)
    down (5.4.1)
      addressable (~> 2.8)
    flacinfo-rb (1.0)
    moumar-wmainfo-rb (0.8)
    mp4info (1.7.3)
    multi_json (1.15.0)
    net-ssh (7.1.0)
    nokogiri (1.16.2-x86_64-darwin)
      racc (~> 1.4)
    nokogiri (1.16.2-x86_64-linux)
      racc (~> 1.4)
    public_suffix (5.0.1)
    racc (1.7.3)
    ruby-audioinfo (0.5.5)
      apetag (>= 1.1.4)
      flacinfo-rb (>= 0.4)
      moumar-wmainfo-rb (>= 0.7)
      mp4info (>= 1.7.3)
      ruby-mp3info (>= 0.8)
      ruby-ogginfo (>= 0.6.13)
      wavefile (~> 0.6.0)
    ruby-mp3info (0.8.10)
    ruby-ogginfo (0.7.2)
    ruby-progressbar (1.13.0)
    streamio-ffmpeg (3.0.2)
      multi_json (~> 1.8)
    thor (1.2.2)
    wavefile (0.6.0)

PLATFORMS
  x86_64-darwin-22
  x86_64-linux

DEPENDENCIES
  amazing_print (~> 1.4)
  curb (~> 1.0)
  down (~> 5.4)
  net-ssh (~> 7.1)
  nokogiri (~> 1.16)
  ruby-audioinfo (~> 0.5.5)
  ruby-progressbar (~> 1.13)
  streamio-ffmpeg (~> 3.0)
  thor (~> 1.2)

BUNDLED WITH
   2.4.13
